GEM
  remote: https://rubygems.org/
  specs:
    geo-distance (0.1.2)

PLATFORMS
  ruby

DEPENDENCIES
  geo-distance
